GEM
  remote: https://rubygems.org/
  specs:
    haml (5.1.2)
      temple (>= 0.8.0)
      tilt
    httparty (0.18.0)
      mime-types (~> 3.0)
      multi_xml (>= 0.5.2)
    json (2.3.0)
    mime-types (3.3.1)
      mime-types-data (~> 3.2015)
    mime-types-data (3.2020.0512)
    multi_xml (0.6.0)
    mustermann (1.1.1)
      ruby2_keywords (~> 0.0.1)
    rack (2.2.6.2)
    rack-protection (2.2.0)
      rack
    ruby2_keywords (0.0.5)
    sinatra (2.2.0)
      mustermann (~> 1.0)
      rack (~> 2.2)
      rack-protection (= 2.2.0)
      tilt (~> 2.0)
    temple (0.8.2)
    tilt (2.0.10)

PLATFORMS
  ruby
  x64-mingw32
  x86_64-linux

DEPENDENCIES
  haml (~> 5.1, >= 5.1.2)
  httparty (~> 0.18.0)
  json (~> 2.3)
  sinatra (~> 2.2)

RUBY VERSION
   ruby 2.7.1p83

BUNDLED WITH
   2.1.4
